GEM
  remote: http://rubygems.org/
  specs:
    amalgalite (1.1.2-x86-mingw32)
      arrayfields (~> 4.7.4)
      fastercsv (~> 1.5.4)
    arrayfields (4.7.4)
    diff-lcs (1.1.3)
    fastercsv (1.5.4)
    git (1.2.5)
    jeweler (1.6.4)
      bundler (~> 1.0)
      git (>= 1.2.5)
      rake
    not-naughty (0.6.2)
      rubytree (>= 0.5.2)
    rake (0.9.2)
    rcov (0.9.10)
    rspec (2.6.0)
      rspec-core (~> 2.6.0)
      rspec-expectations (~> 2.6.0)
      rspec-mocks (~> 2.6.0)
    rspec-core (2.6.4)
    rspec-expectations (2.6.0)
      diff-lcs (~> 1.1.2)
    rspec-mocks (2.6.0)
    rubytree (0.8.1)
    sequel (3.26.0)
    sequel_notnaughty (0.6.2)
      not-naughty (= 0.6.2)
    yard (0.7.2)

PLATFORMS
  x86-mingw32

DEPENDENCIES
  amalgalite (>= 1.1.2)
  bundler (~> 1.0.0)
  jeweler (~> 1.6.4)
  not-naughty (>= 0.6.2)
  rcov
  rspec (~> 2.6.0)
  sequel (>= 3.26.0)
  sequel_notnaughty (>= 0.6.2)
  yard (>= 0.6.0)
